GEM
  remote: https://rubygems.org/
  specs:
    capistrano (3.1.0)
      i18n
      rake (>= 10.0.0)
      sshkit (~> 1.3)
    capistrano-composer (0.0.6)
      capistrano (>= 3.0.0.pre)
    capistrano-file-permissions (1.0.0)
      capistrano (~> 3.0)
    capistrano-gulp (0.0.2)
      capistrano (~> 3.0)
    capistrano-npm (1.0.2)
      capistrano (>= 3.0.0)
    i18n (0.7.0)
    net-scp (1.2.1)
      net-ssh (>= 2.6.5)
    net-ssh (3.2.0)
    rake (11.3.0)
    sshkit (1.11.3)
      net-scp (>= 1.1.2)
      net-ssh (>= 2.8.0)

PLATFORMS
  ruby

DEPENDENCIES
  capistrano (~> 3.1.0)
  capistrano-composer
  capistrano-file-permissions
  capistrano-gulp (~> 0.0.2)
  capistrano-npm

BUNDLED WITH
   1.13.6
